GEM
  remote: https://rubygems.org/
  specs:
    diff-lcs (1.2.5)
    metaclass (0.0.2)
    mini_portile (0.5.2)
    mocha (1.0.0)
      metaclass (~> 0.0.1)
    nokogiri (1.6.1)
      mini_portile (~> 0.5.0)
    rack (1.5.2)
    rack-protection (1.5.1)
      rack
    rack-test (0.6.2)
      rack (>= 1.0)
    rake (10.1.1)
    rspec (2.14.1)
      rspec-core (~> 2.14.0)
      rspec-expectations (~> 2.14.0)
      rspec-mocks (~> 2.14.0)
    rspec-core (2.14.7)
    rspec-expectations (2.14.4)
      diff-lcs (>= 1.1.3, < 2.0)
    rspec-mocks (2.14.4)
    sinatra (1.4.4)
      rack (~> 1.4)
      rack-protection (~> 1.4)
      tilt (~> 1.3, >= 1.3.4)
    spork (0.9.2)
    tilt (1.4.1)
    webrat (0.7.3)
      nokogiri (>= 1.2.0)
      rack (>= 1.0)
      rack-test (>= 0.5.3)

PLATFORMS
  ruby

DEPENDENCIES
  mocha (~> 1.0.0)
  rack-test (~> 0.6.2)
  rake
  rspec (~> 2.14.1)
  sinatra (~> 1.4.4)
  spork (= 0.9.2)
  webrat (~> 0.7.3)
